PATH
  remote: .
  specs:
    activerecord-creating_foreign_keys (0.0.1)
      rails (~> 4.2.0)

GEM
  remote: https://rubygems.org/
  specs:
    actionmailer (4.2.11.3)
      actionpack (= 4.2.11.3)
      actionview (= 4.2.11.3)
      activejob (= 4.2.11.3)
      mail (~> 2.5, >= 2.5.4)
      rails-dom-testing (~> 1.0, >= 1.0.5)
    actionpack (4.2.11.3)
      actionview (= 4.2.11.3)
      activesupport (= 4.2.11.3)
      rack (~> 1.6)
      rack-test (~> 0.6.2)
      rails-dom-testing (~> 1.0, >= 1.0.5)
      rails-html-sanitizer (~> 1.0, >= 1.0.2)
    actionview (4.2.11.3)
      activesupport (= 4.2.11.3)
      builder (~> 3.1)
      erubis (~> 2.7.0)
      rails-dom-testing (~> 1.0, >= 1.0.5)
      rails-html-sanitizer (~> 1.0, >= 1.0.3)
    activejob (4.2.11.3)
      activesupport (= 4.2.11.3)
      globalid (>= 0.3.0)
    activemodel (4.2.11.3)
      activesupport (= 4.2.11.3)
      builder (~> 3.1)
    activerecord (4.2.11.3)
      activemodel (= 4.2.11.3)
      activesupport (= 4.2.11.3)
      arel (~> 6.0)
    activesupport (4.2.11.3)
      i18n (~> 0.7)
      minitest (~> 5.1)
      thread_safe (~> 0.3, >= 0.3.4)
      tzinfo (~> 1.1)
    arel (6.0.4)
    ast (2.4.1)
    builder (3.2.4)
    concurrent-ruby (1.1.7)
    crass (1.0.6)
    erubis (2.7.0)
    globalid (0.4.2)
      activesupport (>= 4.2.0)
    i18n (0.9.5)
      concurrent-ruby (~> 1.0)
    loofah (2.7.0)
      crass (~> 1.0.2)
      nokogiri (>= 1.5.9)
    mail (2.7.1)
      mini_mime (>= 0.1.1)
    mini_mime (1.0.2)
    mini_portile2 (2.4.0)
    minitest (5.14.2)
    nokogiri (1.10.10)
      mini_portile2 (~> 2.4.0)
    parallel (1.19.2)
    parser (2.7.2.0)
      ast (~> 2.4.1)
    rack (1.6.13)
    rack-test (0.6.3)
      rack (>= 1.0)
    rails (4.2.11.3)
      actionmailer (= 4.2.11.3)
      actionpack (= 4.2.11.3)
      actionview (= 4.2.11.3)
      activejob (= 4.2.11.3)
      activemodel (= 4.2.11.3)
      activerecord (= 4.2.11.3)
      activesupport (= 4.2.11.3)
      bundler (>= 1.3.0, < 2.0)
      railties (= 4.2.11.3)
      sprockets-rails
    rails-deprecated_sanitizer (1.0.3)
      activesupport (>= 4.2.0.alpha)
    rails-dom-testing (1.0.9)
      activesupport (>= 4.2.0, < 5.0)
      nokogiri (~> 1.6)
      rails-deprecated_sanitizer (>= 1.0.1)
    rails-html-sanitizer (1.3.0)
      loofah (~> 2.3)
    railties (4.2.11.3)
      actionpack (= 4.2.11.3)
      activesupport (= 4.2.11.3)
      rake (>= 0.8.7)
      thor (>= 0.18.1, < 2.0)
    rainbow (3.0.0)
    rake (13.0.1)
    regexp_parser (1.8.2)
    rexml (3.2.4)
    rubocop (1.1.0)
      parallel (~> 1.10)
      parser (>= 2.7.1.5)
      rainbow (>= 2.2.2, < 4.0)
      regexp_parser (>= 1.8)
      rexml
      rubocop-ast (>= 1.0.1)
      ruby-progressbar (~> 1.7)
      unicode-display_width (>= 1.4.0, < 2.0)
    rubocop-ast (1.1.0)
      parser (>= 2.7.1.5)
    rubocop-packaging (0.5.1)
      rubocop (>= 0.89, < 2.0)
    rubocop-performance (1.8.1)
      rubocop (>= 0.87.0)
      rubocop-ast (>= 0.4.0)
    rubocop-rails (2.8.1)
      activesupport (>= 4.2.0)
      rack (>= 1.1)
      rubocop (>= 0.87.0)
    ruby-progressbar (1.10.1)
    sprockets (3.7.2)
      concurrent-ruby (~> 1.0)
      rack (> 1, < 3)
    sprockets-rails (3.2.2)
      actionpack (>= 4.0)
      activesupport (>= 4.0)
      sprockets (>= 3.0.0)
    thor (1.0.1)
    thread_safe (0.3.6)
    tzinfo (1.2.7)
      thread_safe (~> 0.1)
    unicode-display_width (1.7.0)

PLATFORMS
  ruby

DEPENDENCIES
  activerecord-creating_foreign_keys!
  rubocop
  rubocop-packaging
  rubocop-performance
  rubocop-rails

BUNDLED WITH
   1.17.3
